PATH
  remote: .
  specs:
    CalMon (0.0.3)
      google-api-client
      jimson
      rake

GEM
  remote: http://rubygems.org/
  specs:
    addressable (2.2.7)
    autoparse (0.3.1)
      addressable (~> 2.2.3)
      extlib (>= 0.9.15)
      multi_json (>= 1.0.0)
    blankslate (2.1.2.4)
    extlib (0.9.15)
    faraday (0.7.6)
      addressable (~> 2.2)
      multipart-post (~> 1.1)
      rack (~> 1.1)
    google-api-client (0.4.3)
      addressable (>= 2.2.3)
      autoparse (>= 0.3.1)
      extlib (>= 0.9.15)
      faraday (~> 0.7.0)
      launchy (>= 2.0.0)
      multi_json (>= 1.0.0)
      signet (>= 0.3.1)
    jimson (0.4.0)
      blankslate (>= 2.1.2.3)
      json (>= 1.5.1)
      rack (>= 1.3)
      rest-client (>= 1.6.3)
    json (1.6.6)
    jwt (0.1.4)
      json (>= 1.2.4)
    launchy (2.1.0)
      addressable (~> 2.2.6)
    mime-types (1.18)
    multi_json (1.2.0)
    multipart-post (1.1.5)
    rack (1.4.1)
    rake (0.9.2.2)
    rest-client (1.6.7)
      mime-types (>= 1.16)
    signet (0.3.2)
      addressable (~> 2.2.3)
      faraday (~> 0.7.0)
      jwt (>= 0.1.4)
      multi_json (>= 1.0.0)

PLATFORMS
  ruby

DEPENDENCIES
  CalMon!
