PATH
  remote: .
  specs:
    CalMon (0.0.5)
      google-api-client
      jimson
      rake

GEM
  remote: http://rubygems.org/
  specs:
    addressable (2.3.2)
    autoparse (0.3.2)
      addressable (>= 2.3.1)
      extlib (>= 0.9.15)
      multi_json (>= 1.0.0)
    blankslate (3.1.2)
    diff-lcs (1.1.3)
    extlib (0.9.15)
    faraday (0.8.4)
      multipart-post (~> 1.1)
    ffi (1.1.5-java)
    google-api-client (0.4.6)
      addressable (>= 2.3.2)
      autoparse (>= 0.3.2)
      extlib (>= 0.9.15)
      faraday (~> 0.8.1)
      launchy (>= 2.1.1)
      multi_json (>= 1.0.0)
      signet (>= 0.4.1)
      uuidtools (>= 2.1.0)
    jimson (0.4.0)
      blankslate (>= 2.1.2.3)
      json (>= 1.5.1)
      rack (>= 1.3)
      rest-client (>= 1.6.3)
    json (1.7.5)
    json (1.7.5-java)
    jwt (0.1.5)
      multi_json (>= 1.0)
    launchy (2.1.2)
      addressable (~> 2.3)
    launchy (2.1.2-java)
      addressable (~> 2.3)
      ffi (~> 1.1.1)
      spoon (~> 0.0.1)
    mime-types (1.19)
    multi_json (1.3.6)
    multipart-post (1.1.5)
    rack (1.4.1)
    rake (0.9.2.2)
    rest-client (1.6.7)
      mime-types (>= 1.16)
    rspec (2.11.0)
      rspec-core (~> 2.11.0)
      rspec-expectations (~> 2.11.0)
      rspec-mocks (~> 2.11.0)
    rspec-core (2.11.1)
    rspec-expectations (2.11.3)
      diff-lcs (~> 1.1.3)
    rspec-mocks (2.11.3)
    signet (0.4.2)
      addressable (>= 2.2.3)
      faraday (~> 0.8.1)
      jwt (>= 0.1.5)
      multi_json (>= 1.0.0)
    spoon (0.0.1)
    uuidtools (2.1.3)

PLATFORMS
  java
  ruby

DEPENDENCIES
  CalMon!
  rspec
